GEM
  remote: https://rubygems.org/
  specs:
    haml (4.0.3)
      tilt
    mustermann (1.0.0)
    rack (2.0.3)
    rack-protection (2.0.0)
      rack
    redcarpet (2.3.0)
    sinatra (2.0.0)
      mustermann (~> 1.0)
      rack (~> 2.0)
      rack-protection (= 2.0.0)
      tilt (~> 2.0)
    tilt (2.0.8)

PLATFORMS
  ruby

DEPENDENCIES
  haml (= 4.0.3)
  redcarpet (= 2.3.0)
  sinatra (= 2.0.0)

BUNDLED WITH
   1.14.6
